GEM
  remote: https://rubygems.org/
  specs:
    addressable (2.3.8)
    childprocess (0.5.6)
      ffi (~> 1.0, >= 1.0.11)
    ffi (1.9.10)
    mime-types (2.6.2)
    mini_portile (0.6.2)
    multi_json (1.11.2)
    nokogiri (1.6.6.2)
      mini_portile (~> 0.6.0)
    rubyzip (1.2.0)
    selenium-webdriver (2.47.1)
      childprocess (~> 0.5)
      multi_json (~> 1.0)
      rubyzip (~> 1.0)
      websocket (~> 1.0)
    websocket (1.2.2)

PLATFORMS
  ruby

DEPENDENCIES
  addressable (= 2.3.8)
  childprocess (= 0.5.6)
  mime-types (= 2.6.2)
  mini_portile (= 0.6.2)
  nokogiri (= 1.6.6.2)
  selenium-webdriver (= 2.47.1)

BUNDLED WITH
   1.11.2
